PATH
  remote: .
  specs:
    rbejdb (0.9)

GEM
  remote: https://rubygems.org/
  specs:
    rake (10.3.2)
    rake-compiler (0.9.3)
      rake

PLATFORMS
  ruby

DEPENDENCIES
  rake-compiler (~> 0.9.3)
  rbejdb!
